GEM
  remote: https://rubygems.org/
  specs:
    bson (4.1.1)
    mongo (2.3.1)
      bson (~> 4.1)

PLATFORMS
  ruby

DEPENDENCIES
  mongo (~> 2.2)

BUNDLED WITH
   1.13.6
